GEM
  remote: https://rubygems.org/
  specs:
    async (1.30.3)
      console (~> 1.10)
      nio4r (~> 2.3)
      timers (~> 4.1)
    async-http (0.56.6)
      async (>= 1.25)
      async-io (>= 1.28)
      async-pool (>= 0.2)
      protocol-http (~> 0.22.0)
      protocol-http1 (~> 0.14.0)
      protocol-http2 (~> 0.14.0)
      traces (~> 0.4.0)
    async-io (1.41.0)
      async
    async-pool (0.4.0)
      async (>= 1.25)
    async-websocket (0.19.2)
      async-http (~> 0.54)
      async-io (~> 1.23)
      protocol-websocket (~> 0.7.0)
    console (1.23.5)
      fiber-annotation
      fiber-local
      json
    discorb (0.20.0)
      async (~> 1.30.1)
      async-http (~> 0.56.5)
      async-websocket (~> 0.19.0)
      mime-types (~> 3.3)
    fiber-annotation (0.2.0)
    fiber-local (1.0.0)
    json (2.7.1)
    mime-types (3.5.2)
      mime-types-data (~> 3.2015)
    mime-types-data (3.2024.0305)
    nio4r (2.7.0)
    pg (1.5.6)
    protocol-hpack (1.4.2)
    protocol-http (0.22.9)
    protocol-http1 (0.14.6)
      protocol-http (~> 0.22)
    protocol-http2 (0.14.2)
      protocol-hpack (~> 1.4)
      protocol-http (~> 0.18)
    protocol-websocket (0.7.5)
      protocol-http (~> 0.2)
      protocol-http1 (~> 0.2)
    timers (4.3.5)
    traces (0.4.1)

PLATFORMS
  ruby
  x86_64-linux

DEPENDENCIES
  discorb
  pg (~> 1.5, >= 1.5.4)

BUNDLED WITH
   2.5.6
